GEM
  remote: https://rubygems.org/
  specs:
    byebug (11.1.3)
    coderay (1.1.3)
    method_source (1.0.0)
    pry (0.14.1)
      coderay (~> 1.1)
      method_source (~> 1.0)
    pry-byebug (3.10.1)
      byebug (~> 11.0)
      pry (>= 0.13, < 0.15)
    rack (2.2.8.1)
    rulers (0.0.2)
      rack (~> 2.2)

PLATFORMS
  arm64-darwin-23

DEPENDENCIES
  byebug
  pry-byebug
  rulers

BUNDLED WITH
   2.3.26
