GEM
  remote: https://rubygems.org/
  specs:
    rack (2.2.8.1)
    rulers (0.0.1)
      rack (~> 2.2)
      webrick
    webrick (1.8.1)

PLATFORMS
  arm64-darwin-23

DEPENDENCIES
  rulers

BUNDLED WITH
   2.3.26
